GEM
  remote: https://rubygems.org/
  specs:
    adsf (1.2.0)
      rack (>= 1.0.0)
    colored (1.2)
    cri (2.7.0)
      colored (~> 1.2)
    ffi (1.14.2)
    listen (3.0.4)
      rb-fsevent (>= 0.9.3)
      rb-inotify (>= 0.9)
    nanoc (4.0.2)
      cri (~> 2.3)
    rack (2.2.3)
    rb-fsevent (0.9.6)
    rb-inotify (0.9.5)
      ffi (>= 0.5.0)
    rerun (0.11.0)
      listen (~> 3.0)

PLATFORMS
  ruby

DEPENDENCIES
  adsf
  nanoc
  rerun

BUNDLED WITH
   1.10.6
